GEM
  remote: https://rubygems.org/
  specs:
    i18n (0.8.6)
    rack (1.6.8)
    rack-contrib (1.5.0)
      rack (~> 1.4)

PLATFORMS
  ruby

DEPENDENCIES
  i18n
  rack
  rack-contrib

BUNDLED WITH
   1.15.4
